GEM
  remote: https://rubygems.org/
  specs:
    bitters (0.10.0)
      bourbon (>= 3.2)
      sass (>= 3.2)
      thor
    bourbon (4.0.2)
      sass (~> 3.3)
      thor
    capistrano (2.15.5)
      highline
      net-scp (>= 1.0.0)
      net-sftp (>= 2.0.0)
      net-ssh (>= 2.0.14)
      net-ssh-gateway (>= 1.1.0)
    chronic (0.10.2)
    coderay (1.1.0)
    faraday (0.9.0)
      multipart-post (>= 1.2, < 3)
    ffi (1.9.10)
    highline (1.6.20)
    jsmin (1.0.1)
    method_source (0.8.2)
    mini_magick (3.7.0)
      subexec (~> 0.2.1)
    multipart-post (2.0.0)
    neat (1.6.0)
      bourbon (>= 3.1)
      sass (>= 3.3)
    net-scp (1.1.2)
      net-ssh (>= 2.6.5)
    net-sftp (2.1.2)
      net-ssh (>= 2.6.5)
    net-ssh (2.7.0)
    net-ssh-gateway (1.2.0)
      net-ssh (>= 2.6.5)
    pry (0.9.12.6)
      coderay (~> 1.0)
      method_source (~> 0.8)
      slop (~> 3.4)
    rack (1.6.4)
    rack-protection (1.5.3)
      rack
    rack-test (0.6.3)
      rack (>= 1.0)
    rake (10.1.1)
    rbind (0.0.27)
      ffi (>= 1.9.0)
    ropencv (0.0.21)
      ffi (~> 1.9.0)
      rbind (>= 0.0.27)
    sass (3.4.2)
    sinatra (1.4.7)
      rack (~> 1.5)
      rack-protection (~> 1.4)
      tilt (>= 1.3, < 3)
    sinatra-assetpack (0.3.5)
      jsmin
      rack-test
      sinatra
      tilt (>= 1.3.0, < 2.0)
    slop (3.4.7)
    subexec (0.2.3)
    thor (0.19.1)
    tilt (1.4.1)
    whenever (0.9.4)
      chronic (>= 0.6.3)

PLATFORMS
  ruby

DEPENDENCIES
  bitters
  bourbon
  capistrano (< 3)
  faraday
  mini_magick
  neat
  pry
  rake
  ropencv
  sass
  sinatra
  sinatra-assetpack
  whenever

BUNDLED WITH
   1.11.2
